NUGET
  remote: http://www.nuget.org/api/v2
  specs:
    BenchmarkDotNet (0.9.4)
    JetBrains.Annotations (10.0)
    Moq (4.2.1510.2205)
    NUnit (2.6.4)
    StyleCop.Analyzers (1.0)
